GEM
  remote: http://rubygems.org/
  specs:
    builder (3.0.0)
    karakuri (0.1.2)
    rack (1.3.0)
    rdiscount (1.6.8)
    toto (0.4.9)
      builder
      rack
      rdiscount

PLATFORMS
  ruby

DEPENDENCIES
  karakuri
  toto
